GEM
  remote: https://rubygems.org/
  specs:
    backports (3.6.8)
    faraday (0.11.0)
      multipart-post (>= 1.2, < 3)
    liquid (4.0.0)
    multi_json (1.12.1)
    multipart-post (2.0.0)
    rack (1.6.5)
    rack-protection (1.5.3)
      rack
    rack-test (0.6.3)
      rack (>= 1.0)
    sinatra (1.4.8)
      rack (~> 1.5)
      rack-protection (~> 1.4)
      tilt (>= 1.3, < 3)
    sinatra-contrib (1.4.7)
      backports (>= 2.0)
      multi_json
      rack-protection
      rack-test
      sinatra (~> 1.4.0)
      tilt (>= 1.3, < 3)
    tilt (2.0.6)

PLATFORMS
  ruby

DEPENDENCIES
  faraday
  liquid
  sinatra
  sinatra-contrib

BUNDLED WITH
   1.13.7
